GIT
  remote: https://github.com/nhemsley/middleman-thumbnailer.git
  revision: f51d5e9d15e28b246bf45d83aad714ade61cd3ec
  specs:
    middleman-thumbnailer (0.1.0)
      mime-types (= 2.1)
      rake
      rmagick (~> 2.13.0)

GEM
  remote: http://rubygems.org/
  remote: https://rails-assets.org/
  specs:
    activesupport (3.2.22.5)
      i18n (~> 0.6, >= 0.6.4)
      multi_json (~> 1.0)
    addressable (2.3.8)
    builder (3.2.2)
    chunky_png (1.3.8)
    coffee-script (2.2.0)
      coffee-script-source
      execjs
    coffee-script-source (1.12.2)
    compass (1.0.3)
      chunky_png (~> 1.2)
      compass-core (~> 1.0.2)
      compass-import-once (~> 1.0.5)
      rb-fsevent (>= 0.9.3)
      rb-inotify (>= 0.9)
      sass (>= 3.3.13, < 3.5)
    compass-core (1.0.3)
      multi_json (~> 1.0)
      sass (>= 3.3.0, < 3.5)
    compass-import-once (1.0.5)
      sass (>= 3.2, < 3.5)
    em-websocket (0.5.1)
      eventmachine (>= 0.12.9)
      http_parser.rb (~> 0.6.0)
    eventmachine (1.2.1)
    execjs (1.4.1)
      multi_json (~> 1.0)
    exifr (1.2.5)
    ffi (1.9.14)
    fspath (2.1.1)
    haml (4.0.7)
      tilt
    hike (1.2.3)
    htmlcompressor (0.2.0)
    http_parser.rb (0.6.0)
    i18n (0.6.11)
    image_optim (0.20.2)
      exifr (~> 1.1, >= 1.1.3)
      fspath (~> 2.1)
      image_size (~> 1.3)
      in_threads (~> 1.3)
      progress (~> 3.0, >= 3.0.1)
    image_optim_pack (0.2.3)
      fspath (>= 2.1, < 4)
      image_optim (~> 0.19)
    image_size (1.5.0)
    in_threads (1.3.1)
    json (2.0.2)
    kramdown (1.13.1)
    listen (1.3.1)
      rb-fsevent (>= 0.9.3)
      rb-inotify (>= 0.9)
      rb-kqueue (>= 0.2)
    middleman (3.2.2)
      coffee-script (~> 2.2.0)
      compass (>= 0.12.2)
      execjs (~> 1.4.0)
      haml (>= 3.1.6)
      kramdown (~> 1.2)
      middleman-core (= 3.2.2)
      middleman-sprockets (>= 3.1.2)
      sass (>= 3.1.20)
      uglifier (~> 2.4.0)
    middleman-blog (3.5.3)
      addressable (~> 2.3.5)
      middleman-core (~> 3.2)
      tzinfo (>= 0.3.0)
    middleman-core (3.2.2)
      activesupport (~> 3.2.6)
      bundler (~> 1.1)
      i18n (~> 0.6.9)
      listen (~> 1.1)
      rack (>= 1.4.5)
      rack-test (~> 0.6.1)
      thor (>= 0.15.2, < 2.0)
      tilt (~> 1.4.1)
    middleman-deploy (0.1.4)
      middleman-core (>= 3.0.0)
      net-sftp
      ptools
    middleman-gh-pages (0.3.1)
      rake (> 0.9.3)
    middleman-imageoptim (0.2.1)
      image_optim (~> 0.20.2)
      image_optim_pack (~> 0.2.1)
      middleman-core (>= 3.1)
    middleman-livereload (3.1.1)
      em-websocket (>= 0.2.0)
      middleman-core (>= 3.0.2)
      multi_json (~> 1.0)
      rack-livereload
    middleman-minify-html (3.4.1)
      htmlcompressor (~> 0.2.0)
      middleman-core (>= 3.2)
    middleman-simple-thumbnailer (1.0.2)
      middleman-core (~> 3)
      mini_magick (~> 4)
    middleman-sprockets (3.3.3)
      middleman-core (>= 3.2)
      sprockets (~> 2.2)
      sprockets-helpers (~> 1.1.0)
      sprockets-sass (~> 1.1.0)
    middleman-target (0.0.7)
      middleman (>= 3.0)
    mime-types (2.1)
    mini_magick (4.6.0)
    mini_portile2 (2.1.0)
    multi_json (1.12.1)
    net-sftp (2.1.2)
      net-ssh (>= 2.6.5)
    net-ssh (4.0.0)
    nokogiri (1.6.8.1)
      mini_portile2 (~> 2.1.0)
    progress (3.2.2)
    ptools (1.3.3)
    rack (1.6.5)
    rack-livereload (0.3.16)
      rack
    rack-test (0.6.3)
      rack (>= 1.0)
    rails-assets-bootstrap (3.3.7)
      rails-assets-jquery (>= 1.9.1, < 4)
    rails-assets-jquery (3.1.1)
    rake (12.0.0)
    rb-fsevent (0.9.8)
    rb-inotify (0.9.7)
      ffi (>= 0.5.0)
    rb-kqueue (0.2.4)
      ffi (>= 0.5.0)
    redcarpet (3.1.2)
    rmagick (2.13.4)
    sass (3.4.23)
    slim (2.0.3)
      temple (~> 0.6.6)
      tilt (>= 1.3.3, < 2.1)
    sprockets (2.12.4)
      hike (~> 1.2)
      multi_json (~> 1.0)
      rack (~> 1.0)
      tilt (~> 1.1, != 1.3.0)
    sprockets-helpers (1.1.0)
      sprockets (~> 2.0)
    sprockets-sass (1.1.0)
      sprockets (~> 2.0)
      tilt (~> 1.1)
    temple (0.6.10)
    thor (0.19.4)
    thread_safe (0.3.5)
    tilt (1.4.1)
    tzinfo (1.2.2)
      thread_safe (~> 0.1)
    uglifier (2.4.0)
      execjs (>= 0.3.0)
      json (>= 1.8.0)

PLATFORMS
  ruby

DEPENDENCIES
  builder (~> 3.0)
  middleman (~> 3.2.2)
  middleman-blog (~> 3.5.1)
  middleman-deploy (~> 0.1.4)
  middleman-gh-pages
  middleman-imageoptim
  middleman-livereload (~> 3.1.0)
  middleman-minify-html
  middleman-simple-thumbnailer
  middleman-target (~> 0.0.6)
  middleman-thumbnailer!
  nokogiri (~> 1.6.1)
  rails-assets-bootstrap!
  redcarpet (~> 3.1.1)
  slim (~> 2.0.2)

BUNDLED WITH
   1.11.2
